GEM
  remote: http://rubygems.org/
  specs:
    bson (1.6.2)
    bson_ext (1.6.2)
      bson (~> 1.6.2)
    daemons (1.1.8)
    eventmachine (0.12.10)
    json (1.7.3)
    mongo (1.6.2)
      bson (~> 1.6.2)
    rack (1.4.1)
    rack-protection (1.2.0)
      rack
    rake (0.9.2.2)
    rdoc (3.12)
      json (~> 1.4)
    sinatra (1.3.2)
      rack (~> 1.3, >= 1.3.6)
      rack-protection (~> 1.2)
      tilt (~> 1.3, >= 1.3.3)
    slim (1.2.1)
      temple (~> 0.4.0)
      tilt (~> 1.3.3)
    temple (0.4.0)
    thin (1.3.1)
      daemons (>= 1.0.9)
      eventmachine (>= 0.12.6)
      rack (>= 1.0.0)
    tilt (1.3.3)

PLATFORMS
  ruby

DEPENDENCIES
  bson
  bson_ext
  mongo
  rake
  rdoc
  sinatra
  slim
  thin
